PATH
  remote: .
  specs:
    stack_loop (0.1.0)

GEM
  remote: https://rubygems.org/
  specs:
    minitest (5.15.0)
    rake (13.0.6)

PLATFORMS
  ruby

DEPENDENCIES
  minitest (~> 5.15)
  rake (~> 13.0)
  stack_loop!

BUNDLED WITH
   2.1.4
